GIT
  remote: git://github.com/ekubal/formtastic-bootstrap.git
  revision: bbe573b64ea70475ef60f19c371a5f84189f142e
  specs:
    formtastic-bootstrap (3.0.0)
      formtastic (>= 3.0.0)

GIT
  remote: git://github.com/zakelfassi/sass-rails.git
  revision: 0d4013878dd18440c98da4ffa62208e7700f2477
  specs:
    sass-rails (4.0.2)
      railties (>= 4.0.0, < 5.0)
      sass (~> 3.3.4)
      sprockets (~> 2.8, <= 2.11.0)
      sprockets-rails (~> 2.0.0)

GIT
  remote: https://github.com/zquestz/omniauth-google-oauth2
  revision: e505783c33d51c0b0db1c8e595539b4fde30d6d6
  branch: master
  specs:
    omniauth-google-oauth2 (0.2.10)
      addressable (~> 2.3)
      jwt (~> 1.0)
      multi_json (~> 1.3)
      omniauth (>= 1.1.1)
      omniauth-oauth2 (~> 1.3.1)

GEM
  remote: https://rubygems.org/
  specs:
    actionmailer (4.0.0)
      actionpack (= 4.0.0)
      mail (~> 2.5.3)
    actionpack (4.0.0)
      activesupport (= 4.0.0)
      builder (~> 3.1.0)
      erubis (~> 2.7.0)
      rack (~> 1.5.2)
      rack-test (~> 0.6.2)
    activemodel (4.0.0)
      activesupport (= 4.0.0)
      builder (~> 3.1.0)
    activerecord (4.0.0)
      activemodel (= 4.0.0)
      activerecord-deprecated_finders (~> 1.0.2)
      activesupport (= 4.0.0)
      arel (~> 4.0.0)
    activerecord-deprecated_finders (1.0.3)
    activesupport (4.0.0)
      i18n (~> 0.6, >= 0.6.4)
      minitest (~> 4.2)
      multi_json (~> 1.3)
      thread_safe (~> 0.1)
      tzinfo (~> 0.3.37)
    acts_as_commentable (4.0.1)
    acts_as_list (0.4.0)
      activerecord (>= 3.0)
    acts_as_votable (0.10.0)
    addressable (2.3.6)
    arel (4.0.2)
    bcrypt (3.1.7)
    bcrypt (3.1.7-x86-mingw32)
    better_errors (2.0.0)
      coderay (>= 1.0.0)
      erubis (>= 2.6.6)
      rack (>= 0.9.0)
    binding_of_caller (0.7.2)
      debug_inspector (>= 0.0.1)
    bootflat-rails (0.1.9)
      bootstrap-sass (~> 3.1)
      jquery-rails (~> 3.1)
      sass (~> 3.3)
    bootstrap-datetimepicker-rails (0.0.11)
    bootstrap-sass (3.1.1.1)
      sass (~> 3.2)
    bootstrap-sass-extras (0.0.6)
      rails (>= 3.1.0)
    bourbon (4.0.2)
      sass (~> 3.3)
      thor
    builder (3.1.4)
    bullet (4.13.2)
      activesupport (>= 3.0.0)
      uniform_notifier (>= 1.6.0)
    capistrano (3.4.0)
      i18n
      rake (>= 10.0.0)
      sshkit (~> 1.3)
    capistrano-bundler (1.1.4)
      capistrano (~> 3.1)
      sshkit (~> 1.2)
    capistrano-rails (1.1.5)
      capistrano (~> 3.1)
      capistrano-bundler (~> 1.1)
    capistrano-rails-console (1.0.2)
      capistrano (>= 3.1.0, < 4.0.0)
    capistrano-rbenv (2.0.4)
      capistrano (~> 3.1)
      sshkit (~> 1.3)
    coderay (1.1.0)
    coffee-rails (4.0.1)
      coffee-script (>= 2.2.0)
      railties (>= 4.0.0, < 5.0)
    coffee-script (2.3.0)
      coffee-script-source
      execjs
    coffee-script-source (1.8.0)
    debug_inspector (0.0.2)
    devise (3.3.0)
      bcrypt (~> 3.0)
      orm_adapter (~> 0.1)
      railties (>= 3.2.6, < 5)
      thread_safe (~> 0.1)
      warden (~> 1.2.3)
    dragonfly (1.0.7)
      addressable (~> 2.3)
      multi_json (~> 1.0)
      rack
    dragonfly-s3_data_store (1.0.4)
      dragonfly (~> 1.0)
      fog
    erubis (2.7.0)
    excon (0.39.5)
    execjs (2.2.1)
    faraday (0.9.2)
      multipart-post (>= 1.2, < 3)
    fog (1.23.0)
      fog-brightbox
      fog-core (~> 1.23)
      fog-json
      fog-softlayer
      ipaddress (~> 0.5)
      nokogiri (~> 1.5, >= 1.5.11)
    fog-brightbox (0.4.1)
      fog-core (~> 1.22)
      fog-json
      inflecto
    fog-core (1.24.0)
      builder
      excon (~> 0.38)
      formatador (~> 0.2)
      mime-types
      net-scp (~> 1.1)
      net-ssh (>= 2.1.3)
    fog-json (1.0.0)
      multi_json (~> 1.0)
    fog-softlayer (0.3.16)
      fog-core
      fog-json
    formatador (0.2.5)
    formtastic (3.0.0)
      actionpack (>= 3.2.13)
    haml (4.0.5)
      tilt
    haml-rails (0.5.1)
      actionpack (~> 4.0.0)
      activesupport (~> 4.0.0)
      haml (>= 3.1, < 5.0)
      railties (~> 4.0.0)
    hashie (3.4.3)
    hike (1.2.3)
    i18n (0.6.11)
    inflecto (0.0.2)
    ipaddress (0.8.0)
    jquery-rails (3.1.2)
      railties (>= 3.0, < 5.0)
      thor (>= 0.14, < 2.0)
    json (1.8.1)
    jwt (1.5.2)
    kgio (2.10.0)
    launchy (2.4.2)
      addressable (~> 2.3)
    letter_opener (1.2.0)
      launchy (~> 2.2)
    magnific-popup-rails (0.9.9)
    mail (2.5.4)
      mime-types (~> 1.16)
      treetop (~> 1.4.8)
    mime-types (1.25.1)
    mini_portile (0.6.0)
    minitest (4.7.5)
    multi_json (1.11.2)
    multi_xml (0.5.5)
    multipart-post (2.0.0)
    net-scp (1.2.1)
      net-ssh (>= 2.6.5)
    net-ssh (2.9.1)
    newrelic_rpm (3.9.3.241)
    nokogiri (1.6.3.1)
      mini_portile (= 0.6.0)
    nokogiri (1.6.3.1-x86-mingw32)
      mini_portile (= 0.6.0)
    oauth2 (1.0.0)
      faraday (>= 0.8, < 0.10)
      jwt (~> 1.0)
      multi_json (~> 1.3)
      multi_xml (~> 0.5)
      rack (~> 1.2)
    omniauth (1.2.2)
      hashie (>= 1.2, < 4)
      rack (~> 1.0)
    omniauth-oauth2 (1.3.1)
      oauth2 (~> 1.0)
      omniauth (~> 1.2)
    orm_adapter (0.5.0)
    pg (0.17.1)
    pg (0.17.1-x86-mingw32)
    polyglot (0.3.5)
    public_activity (1.4.2)
      actionpack (>= 3.0.0)
      activerecord (>= 3.0)
      i18n (>= 0.5.0)
      railties (>= 3.0.0)
    rack (1.5.5)
    rack-test (0.6.2)
      rack (>= 1.0)
    rails (4.0.0)
      actionmailer (= 4.0.0)
      actionpack (= 4.0.0)
      activerecord (= 4.0.0)
      activesupport (= 4.0.0)
      bundler (>= 1.3.0, < 2.0)
      railties (= 4.0.0)
      sprockets-rails (~> 2.0.0)
    rails-i18n (4.0.3)
      i18n (~> 0.6)
      railties (~> 4.0)
    rails-timeago (2.11.0)
      actionpack (>= 3.1)
      activesupport (>= 3.1)
    rails_12factor (0.0.2)
      rails_serve_static_assets
      rails_stdout_logging
    rails_serve_static_assets (0.0.2)
    rails_stdout_logging (0.0.3)
    railties (4.0.0)
      actionpack (= 4.0.0)
      activesupport (= 4.0.0)
      rake (>= 0.8.7)
      thor (>= 0.18.1, < 2.0)
    raindrops (0.15.0)
    rake (10.3.2)
    sass (3.3.14)
    sprockets (2.11.0)
      hike (~> 1.2)
      multi_json (~> 1.0)
      rack (~> 1.0)
      tilt (~> 1.1, != 1.3.0)
    sprockets-rails (2.0.1)
      actionpack (>= 3.0)
      activesupport (>= 3.0)
      sprockets (~> 2.8)
    sshkit (1.8.1)
      net-scp (>= 1.1.2)
      net-ssh (>= 2.8.0)
    thor (0.19.1)
    thread_safe (0.3.4)
    tilt (1.4.1)
    tinymce-rails (4.1.5)
      railties (>= 3.1.1)
    treetop (1.4.15)
      polyglot
      polyglot (>= 0.3.1)
    turbolinks (2.3.0)
      coffee-rails
    tzinfo (0.3.41)
    uglifier (2.5.3)
      execjs (>= 0.3.0)
      json (>= 1.8.0)
    unicorn (5.0.1)
      kgio (~> 2.6)
      rack
      raindrops (~> 0.7)
    uniform_notifier (1.6.2)
    warden (1.2.3)
      rack (>= 1.0)
    will_paginate (3.0.7)

PLATFORMS
  ruby
  x86-mingw32

DEPENDENCIES
  acts_as_commentable
  acts_as_list
  acts_as_votable
  better_errors
  binding_of_caller
  bootflat-rails (~> 0.1.8)
  bootstrap-datetimepicker-rails
  bootstrap-sass (~> 3.1.1)
  bootstrap-sass-extras
  bourbon
  bullet
  capistrano (~> 3.4.0)
  capistrano-bundler
  capistrano-rails (~> 1.1.0)
  capistrano-rails-console
  capistrano-rbenv (~> 2.0)
  coffee-rails (~> 4.0.0)
  devise
  dragonfly (~> 1.0.5)
  dragonfly-s3_data_store
  formtastic-bootstrap!
  haml-rails
  jquery-rails
  letter_opener
  magnific-popup-rails
  newrelic_rpm
  omniauth
  omniauth-google-oauth2!
  omniauth-oauth2 (~> 1.3.1)
  pg
  public_activity
  rails (= 4.0.0)
  rails-i18n (~> 4.0.0)
  rails-timeago
  rails_12factor
  sass-rails!
  tinymce-rails
  turbolinks
  uglifier (>= 1.3.0)
  unicorn
  will_paginate

BUNDLED WITH
   1.10.6
